GEM
  remote: http://rubygems.org/
  specs:
    ruby-ntlm (0.0.3)

PLATFORMS
  ruby

DEPENDENCIES
  ruby-ntlm

BUNDLED WITH
   1.13.6
